GEM
  remote: https://rubygems.org/
  specs:
    equatable (0.5.0)
    necromancer (0.4.0)
    pastel (0.7.2)
      equatable (~> 0.5.0)
      tty-color (~> 0.4.0)
    tty-color (0.4.2)
    tty-screen (0.6.4)
    tty-table (0.9.0)
      equatable (~> 0.5.0)
      necromancer (~> 0.4.0)
      pastel (~> 0.7.0)
      tty-screen (~> 0.6.0)
      unicode-display_width (~> 1.1.0)
      verse (~> 0.5.0)
    unicode-display_width (1.1.3)
    unicode_utils (1.4.0)
    verse (0.5.0)
      unicode-display_width (~> 1.1.0)
      unicode_utils (~> 1.4.0)

PLATFORMS
  ruby

DEPENDENCIES
  tty-table

BUNDLED WITH
   1.14.5
